PATH
  remote: .
  specs:
    sunspot (1.2rc1)
      escape (= 0.0.4)
      geohash (= 1.0.1)
      rsolr (= 0.12.1)

GEM
  remote: http://rubygems.org/
  specs:
    builder (2.1.2)
    escape (0.0.4)
    geohash (1.0.1)
      hoe (>= 1.5.3)
    hoe (2.6.1)
      rake (>= 0.8.7)
      rubyforge (>= 2.0.4)
    json_pure (1.4.6)
    rake (0.8.7)
    rsolr (0.12.1)
      builder (>= 2.1.2)
    rspec (1.3.0)
    rubyforge (2.0.4)
      json_pure (>= 1.1.7)

PLATFORMS
  ruby

DEPENDENCIES
  rspec (~> 1.3)
  sunspot (= 1.2rc1)!
